PATH
  remote: .
  specs:
    rspamd (0.1.0)

GEM
  remote: https://rubygems.org/
  specs:
    addressable (2.7.0)
      public_suffix (>= 2.0.2, < 5.0)
    byebug (9.1.0)
    crack (0.4.3)
      safe_yaml (~> 1.0.0)
    hashdiff (1.0.0)
    minitest (5.14.0)
    public_suffix (4.0.3)
    rake (13.0.1)
    safe_yaml (1.0.5)
    webmock (3.8.0)
      addressable (>= 2.3.6)
      crack (>= 0.3.2)
      hashdiff (>= 0.4.0, < 2.0.0)

PLATFORMS
  ruby

DEPENDENCIES
  byebug (~> 9.1)
  minitest (~> 5.11)
  rake (~> 13.0)
  rspamd!
  webmock (~> 3.0)

BUNDLED WITH
   2.1.4
