PATH
  remote: .
  specs:
    rspamd (0.1.0)
      activesupport (>= 6.0.0)
      addressable (>= 2.5.0)

GEM
  remote: https://rubygems.org/
  specs:
    activesupport (6.0.2.1)
      concurrent-ruby (~> 1.0, >= 1.0.2)
      i18n (>= 0.7, < 2)
      minitest (~> 5.1)
      tzinfo (~> 1.1)
      zeitwerk (~> 2.2)
    addressable (2.7.0)
      public_suffix (>= 2.0.2, < 5.0)
    byebug (9.1.0)
    concurrent-ruby (1.1.5)
    crack (0.4.3)
      safe_yaml (~> 1.0.0)
    hashdiff (1.0.0)
    i18n (1.8.2)
      concurrent-ruby (~> 1.0)
    minitest (5.14.0)
    public_suffix (4.0.3)
    rake (13.0.1)
    safe_yaml (1.0.5)
    thread_safe (0.3.6)
    tzinfo (1.2.6)
      thread_safe (~> 0.1)
    webmock (3.8.0)
      addressable (>= 2.3.6)
      crack (>= 0.3.2)
      hashdiff (>= 0.4.0, < 2.0.0)
    zeitwerk (2.2.2)

PLATFORMS
  ruby

DEPENDENCIES
  byebug (~> 9.1)
  minitest (~> 5.11)
  rake (~> 13.0)
  rspamd!
  webmock (~> 3.0)

BUNDLED WITH
   2.1.4
